GIT
  remote: https://github.com/activerecord-hackery/ransack.git
  revision: 8ca8c95c6543c5da9b98a4e2747a0a4023d60bfc
  specs:
    ransack (1.8.2)
      actionpack (>= 3.0)
      activerecord (>= 3.0)
      activesupport (>= 3.0)
      i18n
      polyamorous (~> 1.3)

GIT
  remote: https://github.com/aspgems/active_merchant.git
  revision: fcb1ad8438eb9a2052b6b79fce3c2cf3ce5b4b35
  specs:
    activemerchant (1.62.0)
      activesupport (>= 3.2.14, < 5.1)
      builder (>= 2.1.2, < 4.0.0)
      i18n (>= 0.6.9)
      nokogiri (~> 1.4)

GIT
  remote: https://github.com/envoy/eventbrite.git
  revision: 30377281b64076d7747404f0f49d961a72322b0c
  specs:
    eventbrite (0.1.0)
      hashie (~> 3.0)
      rest-client (~> 1.4)

GIT
  remote: https://github.com/globalize/globalize.git
  revision: 5b0ff2c92e7536f908dc82a4c2a15b04be79e821
  specs:
    globalize (5.1.0)
      activemodel (>= 4.2, < 5.1)
      activerecord (>= 4.2, < 5.1)
      request_store (~> 1.0)

GIT
  remote: https://github.com/hugolantaume/iso-swift.git
  revision: af731bfb6061b331f9616fa0aac691571cd29b4e
  specs:
    iso-swift (0.0.2)
      countries

GIT
  remote: https://github.com/rails-api/active_model_serializers.git
  revision: a9d533d916e64c8fb585a3b19c2cbbc8405a6f05
  specs:
    active_model_serializers (0.10.4)
      actionpack (>= 4.1, < 6)
      activemodel (>= 4.1, < 6)
      case_transform (>= 0.2)
      jsonapi (= 0.1.1.beta6)

GIT
  remote: https://github.com/seuros/capistrano-sidekiq.git
  revision: 339c42e24f42d8d72173daae832b23504930f941
  specs:
    capistrano-sidekiq (0.10.0)
      capistrano
      sidekiq (>= 3.4)

GIT
  remote: https://github.com/sinatra/sinatra.git
  revision: 32f416c7b8e5131247dadee4ac848ac42c43c761
  specs:
    rack-protection (2.0.0.beta2)
      rack
    sinatra (2.0.0.beta2)
      mustermann (= 1.0.0.beta2)
      rack (~> 2.0)
      rack-protection (= 2.0.0.beta2)
      tilt (~> 2.0)

GEM
  remote: https://rubygems.org/
  specs:
    actioncable (5.0.1)
      actionpack (= 5.0.1)
      nio4r (~> 1.2)
      websocket-driver (~> 0.6.1)
    actionmailer (5.0.1)
      actionpack (= 5.0.1)
      actionview (= 5.0.1)
      activejob (= 5.0.1)
      mail (~> 2.5, >= 2.5.4)
      rails-dom-testing (~> 2.0)
    actionpack (5.0.1)
      actionview (= 5.0.1)
      activesupport (= 5.0.1)
      rack (~> 2.0)
      rack-test (~> 0.6.3)
      rails-dom-testing (~> 2.0)
      rails-html-sanitizer (~> 1.0, >= 1.0.2)
    actionview (5.0.1)
      activesupport (= 5.0.1)
      builder (~> 3.1)
      erubis (~> 2.7.0)
      rails-dom-testing (~> 2.0)
      rails-html-sanitizer (~> 1.0, >= 1.0.2)
    active_record_bulk_insert (1.2.0)
    activejob (5.0.1)
      activesupport (= 5.0.1)
      globalid (>= 0.3.6)
    activemodel (5.0.1)
      activesupport (= 5.0.1)
    activerecord (5.0.1)
      activemodel (= 5.0.1)
      activesupport (= 5.0.1)
      arel (~> 7.0)
    activerecord-import (0.17.1)
      activerecord (>= 3.2)
    activesupport (5.0.1)
      concurrent-ruby (~> 1.0, >= 1.0.2)
      i18n (~> 0.7)
      minitest (~> 5.1)
      tzinfo (~> 1.1)
    addressable (2.5.0)
      public_suffix (~> 2.0, >= 2.0.2)
    airbrussh (1.1.2)
      sshkit (>= 1.6.1, != 1.7.0)
    arel (7.1.4)
    ast (2.3.0)
    awesome_print (1.7.0)
    aws-sdk (2.7.7)
      aws-sdk-resources (= 2.7.7)
    aws-sdk-core (2.7.7)
      aws-sigv4 (~> 1.0)
      jmespath (~> 1.0)
    aws-sdk-resources (2.7.7)
      aws-sdk-core (= 2.7.7)
    aws-sigv4 (1.0.0)
    bcrypt (3.1.11)
    best_in_place (3.1.0)
      actionpack (>= 3.2)
      railties (>= 3.2)
    bourbon (4.3.2)
      sass (~> 3.4)
      thor (~> 0.19)
    builder (3.2.3)
    byebug (9.0.6)
    capistrano (3.7.2)
      airbrussh (>= 1.0.0)
      capistrano-harrow
      i18n
      rake (>= 10.0.0)
      sshkit (>= 1.9.0)
    capistrano-bundler (1.2.0)
      capistrano (~> 3.1)
      sshkit (~> 1.2)
    capistrano-faster-assets (1.0.2)
      capistrano (>= 3.1)
    capistrano-harrow (0.5.3)
    capistrano-passenger (0.2.0)
      capistrano (~> 3.0)
    capistrano-rails (1.2.2)
      capistrano (~> 3.1)
      capistrano-bundler (~> 1.1)
    capistrano-rails-console (2.2.0)
      capistrano (>= 3.5.0, < 4.0.0)
      sshkit-interactive (~> 0.2.0)
    capistrano-rvm (0.1.2)
      capistrano (~> 3.0)
      sshkit (~> 1.2)
    capybara (2.12.0)
      addressable
      mime-types (>= 1.16)
      nokogiri (>= 1.3.3)
      rack (>= 1.0.0)
      rack-test (>= 0.5.4)
      xpath (~> 2.0)
    capybara-slow_finder_errors (0.1.4)
      capybara (~> 2.5)
    case_transform (0.2)
      activesupport
    chartkick (2.2.2)
    childprocess (0.6.1)
      ffi (~> 1.0, >= 1.0.11)
    choice (0.2.0)
    climate_control (0.1.0)
    cliver (0.3.2)
    cocaine (0.5.8)
      climate_control (>= 0.0.3, < 1.0)
    codecov (0.1.9)
      json
      simplecov
      url
    coderay (1.1.1)
    concurrent-ruby (1.0.4)
    connection_pool (2.2.1)
    countries (2.0.6)
      i18n_data (~> 0.7.0)
      money (~> 6.7)
      sixarm_ruby_unaccent (~> 1.1)
      unicode_utils (~> 1.4)
    country_select (3.0.0)
      countries (~> 2.0)
      sort_alphabetical (~> 1.0)
    debug_inspector (0.0.2)
    deep_cloneable (2.2.2)
      activerecord (>= 3.1.0, < 5.2.0)
    devise (4.2.0)
      bcrypt (~> 3.0)
      orm_adapter (~> 0.1)
      railties (>= 4.1.0, < 5.1)
      responders
      warden (~> 1.2.3)
    diff-lcs (1.3)
    docile (1.1.5)
    domain_name (0.5.20161129)
      unf (>= 0.0.5, < 1.0.0)
    erubis (2.7.0)
    execjs (2.7.0)
    factory_girl (4.8.0)
      activesupport (>= 3.0.0)
    factory_girl_rails (4.8.0)
      factory_girl (~> 4.8.0)
      railties (>= 3.0.0)
    faraday (0.10.1)
      multipart-post (>= 1.2, < 3)
    ffi (1.9.17)
    figaro (1.1.1)
      thor (~> 0.14)
    font-awesome-rails (4.7.0.1)
      railties (>= 3.2, < 5.1)
    foreman (0.83.0)
      thor (~> 0.19.1)
    formatador (0.2.5)
    friendly_id (5.2.0)
      activerecord (>= 4.0.0)
    globalid (0.3.7)
      activesupport (>= 4.1.0)
    groupdate (3.2.0)
      activesupport (>= 3)
    guard (2.14.1)
      formatador (>= 0.2.4)
      listen (>= 2.7, < 4.0)
      lumberjack (~> 1.0)
      nenv (~> 0.1)
      notiffany (~> 0.0)
      pry (>= 0.9.12)
      shellany (~> 0.0)
      thor (>= 0.18.1)
    guard-compat (1.2.1)
    guard-rspec (4.7.3)
      guard (~> 2.1)
      guard-compat (~> 1.1)
      rspec (>= 2.99.0, < 4.0)
    guard-rubocop (1.2.0)
      guard (~> 2.0)
      rubocop (~> 0.20)
    hashie (3.5.3)
    http-cookie (1.0.3)
      domain_name (~> 0.5)
    i18n (0.7.0)
    i18n_data (0.7.0)
    iban-tools (1.1.0)
    jbuilder (2.6.1)
      activesupport (>= 3.0.0, < 5.1)
      multi_json (~> 1.2)
    jmespath (1.3.1)
    jquery-rails (4.2.2)
      rails-dom-testing (>= 1, < 3)
      railties (>= 4.2.0)
      thor (>= 0.14, < 2.0)
    jquery-ui-rails (6.0.1)
      railties (>= 3.2.16)
    json (1.8.6)
    jsonapi (0.1.1.beta6)
      jsonapi-parser (= 0.1.1.beta3)
      jsonapi-renderer (= 0.1.1.beta1)
    jsonapi-parser (0.1.1.beta3)
    jsonapi-renderer (0.1.1.beta1)
    jwt (1.5.6)
    kaminari (1.0.1)
      activesupport (>= 4.1.0)
      kaminari-actionview (= 1.0.1)
      kaminari-activerecord (= 1.0.1)
      kaminari-core (= 1.0.1)
    kaminari-actionview (1.0.1)
      actionview
      kaminari-core (= 1.0.1)
    kaminari-activerecord (1.0.1)
      activerecord
      kaminari-core (= 1.0.1)
    kaminari-core (1.0.1)
    libv8 (3.16.14.17)
    listen (3.0.8)
      rb-fsevent (~> 0.9, >= 0.9.4)
      rb-inotify (~> 0.9, >= 0.9.7)
    loofah (2.0.3)
      nokogiri (>= 1.5.9)
    lumberjack (1.0.11)
    mail (2.6.4)
      mime-types (>= 1.16, < 4)
    method_source (0.8.2)
    mime-types (2.99.3)
    mimemagic (0.3.2)
    mini_portile2 (2.1.0)
    minitest (5.10.1)
    money (6.8.1)
      i18n (>= 0.6.4, <= 0.7.0)
      sixarm_ruby_unaccent (>= 1.1.1, < 2)
    multi_json (1.12.1)
    multi_xml (0.6.0)
    multipart-post (2.0.0)
    mustermann (1.0.0.beta2)
    neat (1.8.0)
      sass (>= 3.3)
      thor (~> 0.19)
    nenv (0.3.0)
    net-scp (1.2.1)
      net-ssh (>= 2.6.5)
    net-ssh (4.0.1)
    netrc (0.11.0)
    newrelic_rpm (3.18.1.330)
    nilify_blanks (1.2.1)
      activerecord (>= 3.0.0)
      activesupport (>= 3.0.0)
    nio4r (1.2.1)
    nokogiri (1.7.0.1)
      mini_portile2 (~> 2.1.0)
    notiffany (0.1.1)
      nenv (~> 0.1)
      shellany (~> 0.0)
    oauth (0.5.1)
    oauth2 (1.3.0)
      faraday (>= 0.8, < 0.11)
      jwt (~> 1.0)
      multi_json (~> 1.3)
      multi_xml (~> 0.5)
      rack (>= 1.2, < 3)
    oj (2.18.1)
    oj_mimic_json (1.0.1)
    omniauth (1.5.0)
      hashie (~> 3.5.0, < 4)
      rack (>= 1.6.2, < 3)
    omniauth-facebook (4.0.0)
      omniauth-oauth2 (~> 1.2)
    omniauth-google-oauth2 (0.4.1)
      jwt (~> 1.5.2)
      multi_json (~> 1.3)
      omniauth (>= 1.1.1)
      omniauth-oauth2 (>= 1.3.1)
    omniauth-oauth (1.1.0)
      oauth
      omniauth (~> 1.0)
    omniauth-oauth2 (1.4.0)
      oauth2 (~> 1.0)
      omniauth (~> 1.2)
    omniauth-twitter (1.4.0)
      omniauth-oauth (~> 1.1)
      rack
    orm_adapter (0.5.0)
    paperclip (5.1.0)
      activemodel (>= 4.2.0)
      activesupport (>= 4.2.0)
      cocaine (~> 0.5.5)
      mime-types
      mimemagic (~> 0.3.0)
    parser (2.4.0.0)
      ast (~> 2.2)
    pg (0.19.0)
    phony (2.15.40)
    phony_rails (0.14.5)
      activesupport (>= 3.0)
      phony (~> 2.15)
    poltergeist (1.13.0)
      capybara (~> 2.1)
      cliver (~> 0.3.1)
      websocket-driver (>= 0.2.0)
    polyamorous (1.3.1)
      activerecord (>= 3.0)
    powerpack (0.1.1)
    pry (0.10.4)
      coderay (~> 1.1.0)
      method_source (~> 0.8.1)
      slop (~> 3.4)
    public_suffix (2.0.5)
    puma (3.7.0)
    pundit (1.1.0)
      activesupport (>= 3.0.0)
    rack (2.0.1)
    rack-cors (0.4.1)
    rack-test (0.6.3)
      rack (>= 1.0)
    rails (5.0.1)
      actioncable (= 5.0.1)
      actionmailer (= 5.0.1)
      actionpack (= 5.0.1)
      actionview (= 5.0.1)
      activejob (= 5.0.1)
      activemodel (= 5.0.1)
      activerecord (= 5.0.1)
      activesupport (= 5.0.1)
      bundler (>= 1.3.0, < 2.0)
      railties (= 5.0.1)
      sprockets-rails (>= 2.0.0)
    rails-dom-testing (2.0.2)
      activesupport (>= 4.2.0, < 6.0)
      nokogiri (~> 1.6)
    rails-erd (1.5.0)
      activerecord (>= 3.2)
      activesupport (>= 3.2)
      choice (~> 0.2.0)
      ruby-graphviz (~> 1.2)
    rails-html-sanitizer (1.0.3)
      loofah (~> 2.0)
    railties (5.0.1)
      actionpack (= 5.0.1)
      activesupport (= 5.0.1)
      method_source
      rake (>= 0.8.7)
      thor (>= 0.18.1, < 2.0)
    rainbow (2.2.1)
    rake (11.3.0)
    rb-fsevent (0.9.8)
    rb-inotify (0.9.8)
      ffi (>= 0.5.0)
    rdoc (4.3.0)
    redis (3.3.3)
    ref (2.0.0)
    request_store (1.3.2)
    responders (2.3.0)
      railties (>= 4.2.0, < 5.1)
    rest-client (1.8.0)
      http-cookie (>= 1.0.2, < 2.0)
      mime-types (>= 1.16, < 3.0)
      netrc (~> 0.7)
    rfc-822 (0.4.1)
    roo (2.7.1)
      nokogiri (~> 1)
      rubyzip (~> 1.1, < 2.0.0)
    rspec (3.5.0)
      rspec-core (~> 3.5.0)
      rspec-expectations (~> 3.5.0)
      rspec-mocks (~> 3.5.0)
    rspec-activemodel-mocks (1.0.3)
      activemodel (>= 3.0)
      activesupport (>= 3.0)
      rspec-mocks (>= 2.99, < 4.0)
    rspec-core (3.5.4)
      rspec-support (~> 3.5.0)
    rspec-expectations (3.5.0)
      diff-lcs (>= 1.2.0, < 2.0)
      rspec-support (~> 3.5.0)
    rspec-mocks (3.5.0)
      diff-lcs (>= 1.2.0, < 2.0)
      rspec-support (~> 3.5.0)
    rspec-rails (3.5.2)
      actionpack (>= 3.0)
      activesupport (>= 3.0)
      railties (>= 3.0)
      rspec-core (~> 3.5.0)
      rspec-expectations (~> 3.5.0)
      rspec-mocks (~> 3.5.0)
      rspec-support (~> 3.5.0)
    rspec-sidekiq (2.2.0)
      rspec (~> 3.0, >= 3.0.0)
      sidekiq (>= 2.4.0)
    rspec-support (3.5.0)
    rubocop (0.47.1)
      parser (>= 2.3.3.1, < 3.0)
      powerpack (~> 0.1)
      rainbow (>= 1.99.1, < 3.0)
      ruby-progressbar (~> 1.7)
      unicode-display_width (~> 1.0, >= 1.0.1)
    rubocop-checkstyle_formatter (0.3.0)
      rubocop (>= 0.30.1)
    ruby-graphviz (1.2.2)
    ruby-progressbar (1.8.1)
    rubyzip (1.2.1)
    sass (3.4.23)
    sass-rails (5.0.6)
      railties (>= 4.0.0, < 6)
      sass (~> 3.1)
      sprockets (>= 2.8, < 4.0)
      sprockets-rails (>= 2.0, < 4.0)
      tilt (>= 1.1, < 3)
    sdoc (0.4.2)
      json (~> 1.7, >= 1.7.7)
      rdoc (~> 4.0)
    selenium-webdriver (3.0.8)
      childprocess (~> 0.5)
      rubyzip (~> 1.0)
      websocket (~> 1.0)
    shellany (0.0.1)
    sidekiq (4.2.9)
      concurrent-ruby (~> 1.0)
      connection_pool (~> 2.2, >= 2.2.0)
      rack-protection (>= 1.5.0)
      redis (~> 3.2, >= 3.2.1)
    sidekiq-failures (0.4.5)
      sidekiq (>= 2.16.0)
    simple_form (3.4.0)
      actionpack (> 4, < 5.1)
      activemodel (> 4, < 5.1)
    simplecov (0.13.0)
      docile (~> 1.1.0)
      json (>= 1.8, < 3)
      simplecov-html (~> 0.10.0)
    simplecov-html (0.10.0)
    sixarm_ruby_unaccent (1.1.1)
    slim (3.0.7)
      temple (~> 0.7.6)
      tilt (>= 1.3.3, < 2.1)
    slop (3.6.0)
    sort_alphabetical (1.1.0)
      unicode_utils (>= 1.2.2)
    spring (2.0.1)
      activesupport (>= 4.2)
    spring-watcher-listen (2.0.1)
      listen (>= 2.7, < 4.0)
      spring (>= 1.2, < 3.0)
    sprockets (3.7.1)
      concurrent-ruby (~> 1.0)
      rack (> 1, < 3)
    sprockets-rails (3.2.0)
      actionpack (>= 4.0)
      activesupport (>= 4.0)
      sprockets (>= 3.0.0)
    sshkit (1.12.0)
      net-scp (>= 1.1.2)
      net-ssh (>= 2.8.0)
    sshkit-interactive (0.2.0)
      sshkit (~> 1.9)
    temple (0.7.7)
    terminal-notifier (1.7.1)
    terminal-notifier-guard (1.7.0)
    therubyracer (0.12.3)
      libv8 (~> 3.16.14.15)
      ref
    thor (0.19.1)
    thread_safe (0.3.5)
    tilt (2.0.6)
    tinymce-rails (4.5.3)
      railties (>= 3.1.1)
    turbolinks (5.0.1)
      turbolinks-source (~> 5)
    turbolinks-source (5.0.0)
    tzinfo (1.2.2)
      thread_safe (~> 0.1)
    uglifier (3.0.4)
      execjs (>= 0.3.0, < 3)
    unf (0.1.4)
      unf_ext
    unf_ext (0.0.7.2)
    unicode-display_width (1.1.3)
    unicode_utils (1.4.0)
    url (0.3.2)
    warden (1.2.7)
      rack (>= 1.0)
    web-console (3.4.0)
      actionview (>= 5.0)
      activemodel (>= 5.0)
      debug_inspector
      railties (>= 5.0)
    websocket (1.2.4)
    websocket-driver (0.6.5)
      websocket-extensions (>= 0.1.0)
    websocket-extensions (0.1.2)
    wicked_pdf (1.1.0)
    wkhtmltopdf-binary (0.12.3.1)
    xpath (2.0.0)
      nokogiri (~> 1.3)

PLATFORMS
  ruby

DEPENDENCIES
  active_model_serializers!
  active_record_bulk_insert
  activemerchant!
  activerecord-import
  awesome_print
  aws-sdk (~> 2)
  best_in_place
  bourbon
  byebug
  capistrano (~> 3.6)
  capistrano-faster-assets (~> 1.0)
  capistrano-passenger
  capistrano-rails (~> 1.1)
  capistrano-rails-console
  capistrano-rvm
  capistrano-sidekiq!
  capybara
  capybara-slow_finder_errors
  chartkick
  codecov
  country_select
  deep_cloneable
  devise
  eventbrite!
  factory_girl_rails
  figaro
  font-awesome-rails
  foreman
  friendly_id
  globalize!
  groupdate
  guard
  guard-rspec
  guard-rubocop
  iban-tools
  iso-swift!
  jbuilder (~> 2.5)
  jquery-rails
  jquery-ui-rails
  json (~> 1.8.5)
  kaminari
  listen (~> 3.0.5)
  neat
  newrelic_rpm
  nilify_blanks
  oj
  oj_mimic_json
  omniauth
  omniauth-facebook
  omniauth-google-oauth2
  omniauth-twitter
  paperclip
  pg
  phony_rails
  poltergeist
  pry
  puma (~> 3.0)
  pundit
  rack-cors
  rails (~> 5.0.1)
  rails-erd
  ransack!
  rb-fsevent
  redis (~> 3.0)
  rfc-822
  roo
  rspec-activemodel-mocks
  rspec-mocks
  rspec-rails
  rspec-sidekiq
  rubocop
  rubocop-checkstyle_formatter
  ruby-progressbar
  sass-rails (~> 5.0)
  sdoc
  selenium-webdriver
  sidekiq
  sidekiq-failures
  simple_form
  simplecov
  sinatra!
  slim
  spring
  spring-watcher-listen (~> 2.0.0)
  terminal-notifier
  terminal-notifier-guard
  therubyracer
  thor (= 0.19.1)
  tinymce-rails
  turbolinks (~> 5)
  tzinfo-data
  uglifier (>= 1.3.0)
  web-console (>= 3.3.0)
  wicked_pdf
  wkhtmltopdf-binary

RUBY VERSION
   ruby 2.4.0p0

BUNDLED WITH
   1.14.4
