GEM
  remote: https://rubygems.org/
  specs:
    aasm (4.1.0)
    actionmailer (4.2.1)
      actionpack (= 4.2.1)
      actionview (= 4.2.1)
      activejob (= 4.2.1)
      mail (~> 2.5, >= 2.5.4)
      rails-dom-testing (~> 1.0, >= 1.0.5)
    actionpack (4.2.1)
      actionview (= 4.2.1)
      activesupport (= 4.2.1)
      rack (~> 1.6)
      rack-test (~> 0.6.2)
      rails-dom-testing (~> 1.0, >= 1.0.5)
      rails-html-sanitizer (~> 1.0, >= 1.0.1)
    actionview (4.2.1)
      activesupport (= 4.2.1)
      builder (~> 3.1)
      erubis (~> 2.7.0)
      rails-dom-testing (~> 1.0, >= 1.0.5)
      rails-html-sanitizer (~> 1.0, >= 1.0.1)
    active_model_serializers (0.9.3)
      activemodel (>= 3.2)
    activejob (4.2.1)
      activesupport (= 4.2.1)
      globalid (>= 0.3.0)
    activemodel (4.2.1)
      activesupport (= 4.2.1)
      builder (~> 3.1)
    activerecord (4.2.1)
      activemodel (= 4.2.1)
      activesupport (= 4.2.1)
      arel (~> 6.0)
    activerecord-import (0.8.0)
      activerecord (>= 3.0)
    activesupport (4.2.1)
      i18n (~> 0.7)
      json (~> 1.7, >= 1.7.7)
      minitest (~> 5.1)
      thread_safe (~> 0.3, >= 0.3.4)
      tzinfo (~> 1.1)
    annotate (2.6.8)
      activerecord (>= 3.2, <= 4.3)
      rake (~> 10.4)
    arel (6.0.0)
    ast (2.0.0)
    astrolabe (1.3.0)
      parser (>= 2.2.0.pre.3, < 3.0)
    aws-sdk (2.1.0)
      aws-sdk-resources (= 2.1.0)
    aws-sdk-core (2.1.0)
      jmespath (~> 1.0)
    aws-sdk-resources (2.1.0)
      aws-sdk-core (= 2.1.0)
    aws-sdk-v1 (1.64.0)
      json (~> 1.4)
      nokogiri (>= 1.4.4)
    bcrypt (3.1.10)
    better_errors (2.1.1)
      coderay (>= 1.0.0)
      erubis (>= 2.6.6)
      rack (>= 0.9.0)
    binding_of_caller (0.7.2)
      debug_inspector (>= 0.0.1)
    bourbon (4.2.2)
      sass (~> 3.4)
      thor
    builder (3.2.2)
    bullet (4.14.4)
      activesupport (>= 3.0.0)
      uniform_notifier (>= 1.6.0)
    byebug (4.0.5)
      columnize (= 0.9.0)
    callsite (0.0.11)
    capistrano (3.4.0)
      i18n
      rake (>= 10.0.0)
      sshkit (~> 1.3)
    capistrano-bundler (1.1.4)
      capistrano (~> 3.1)
      sshkit (~> 1.2)
    capistrano-rails (1.1.3)
      capistrano (~> 3.1)
      capistrano-bundler (~> 1.1)
    capistrano-rbenv (2.0.3)
      capistrano (~> 3.1)
      sshkit (~> 1.3)
    capybara (2.4.4)
      mime-types (>= 1.16)
      nokogiri (>= 1.3.3)
      rack (>= 1.0.0)
      rack-test (>= 0.5.4)
      xpath (~> 2.0)
    celluloid (0.16.0)
      timers (~> 4.0.0)
    choice (0.1.7)
    climate_control (0.0.3)
      activesupport (>= 3.0)
    cocaine (0.5.7)
      climate_control (>= 0.0.3, < 1.0)
    coderay (1.1.0)
    coffee-rails (4.1.0)
      coffee-script (>= 2.2.0)
      railties (>= 4.0.0, < 5.0)
    coffee-script (2.4.1)
      coffee-script-source
      execjs
    coffee-script-source (1.9.1.1)
    colorize (0.7.5)
    columnize (0.9.0)
    connection_pool (2.2.0)
    dalli (2.7.4)
    database_cleaner (1.4.1)
    debug_inspector (0.0.2)
    devise (3.4.1)
      bcrypt (~> 3.0)
      orm_adapter (~> 0.1)
      railties (>= 3.2.6, < 5)
      responders
      thread_safe (~> 0.1)
      warden (~> 1.2.3)
    devise-i18n (0.12.0)
    diff-lcs (1.2.5)
    disposable (0.0.9)
      representable (~> 2.0)
      uber
    docile (1.1.5)
    erubis (2.7.0)
    execjs (2.5.2)
    factory_girl (4.5.0)
      activesupport (>= 3.0.0)
    factory_girl_rails (4.5.0)
      factory_girl (~> 4.5.0)
      railties (>= 3.0.0)
    faker (1.4.3)
      i18n (~> 0.5)
    ffi (1.9.8)
    flag_shih_tzu (0.3.13)
    font-awesome-rails (4.3.0.0)
      railties (>= 3.2, < 5.0)
    formatador (0.2.5)
    friendly_id (5.1.0)
      activerecord (>= 4.0.0)
    globalid (0.3.5)
      activesupport (>= 4.1.0)
    gretel (3.0.8)
      rails (>= 3.2.0)
    guard (2.12.5)
      formatador (>= 0.2.4)
      listen (~> 2.7)
      lumberjack (~> 1.0)
      nenv (~> 0.1)
      notiffany (~> 0.0)
      pry (>= 0.9.12)
      shellany (~> 0.0)
      thor (>= 0.18.1)
    guard-compat (1.2.1)
    guard-rspec (4.5.0)
      guard (~> 2.1)
      guard-compat (~> 1.1)
      rspec (>= 2.99.0, < 4.0)
    hirb (0.7.3)
    hitimes (1.2.2)
    i18n (0.7.0)
    iban-tools (1.0.0)
    its-it (1.1.1)
    jbuilder (2.2.13)
      activesupport (>= 3.0.0, < 5)
      multi_json (~> 1.2)
    jmespath (1.0.2)
      multi_json (~> 1.0)
    jquery-rails (4.0.3)
      rails-dom-testing (~> 1.0)
      railties (>= 4.2.0)
      thor (>= 0.14, < 2.0)
    json (1.8.2)
    kaminari (0.16.3)
      actionpack (>= 3.0.0)
      activesupport (>= 3.0.0)
    key_struct (0.4.2)
    libv8 (3.16.14.7)
    listen (2.10.0)
      celluloid (~> 0.16.0)
      rb-fsevent (>= 0.9.3)
      rb-inotify (>= 0.9)
    loofah (2.0.1)
      nokogiri (>= 1.5.9)
    lumberjack (1.0.9)
    mail (2.6.3)
      mime-types (>= 1.16, < 3)
    meta_request (0.3.4)
      callsite (~> 0.0, >= 0.0.11)
      rack-contrib (~> 1.1)
      railties (>= 3.0.0, < 5.0.0)
    metamagic (3.1.7)
      rails (>= 3.0.0)
    method_source (0.8.2)
    mime-types (2.4.3)
    mini_portile (0.6.2)
    minitest (5.6.0)
    modware (0.1.2)
      its-it
      key_struct (~> 0.4)
    multi_json (1.11.0)
    neat (1.7.2)
      bourbon (>= 4.0)
      sass (>= 3.3)
    nenv (0.2.0)
    net-scp (1.2.1)
      net-ssh (>= 2.6.5)
    net-ssh (2.9.2)
    newrelic_rpm (3.12.0.288)
    nilify_blanks (1.2.1)
      activerecord (>= 3.0.0)
      activesupport (>= 3.0.0)
    nokogiri (1.6.6.2)
      mini_portile (~> 0.6.0)
    notiffany (0.0.6)
      nenv (~> 0.1)
      shellany (~> 0.0)
    orm_adapter (0.5.0)
    paperclip (4.2.2)
      activemodel (>= 3.0.0)
      activesupport (>= 3.0.0)
      cocaine (~> 0.5.3)
      mime-types
    paranoia (2.1.2)
      activerecord (~> 4.0)
    parser (2.2.2.1)
      ast (>= 1.1, < 3.0)
    pg (0.18.1)
    polyamorous (1.2.0)
      activerecord (>= 3.0)
    powerpack (0.1.0)
    pry (0.10.1)
      coderay (~> 1.1.0)
      method_source (~> 0.8.1)
      slop (~> 3.4)
    pry-rails (0.3.4)
      pry (>= 0.9.10)
    quiet_assets (1.1.0)
      railties (>= 3.1, < 5.0)
    rack (1.6.0)
    rack-contrib (1.2.0)
      rack (>= 0.9.1)
    rack-cors (0.3.1)
    rack-protection (1.5.3)
      rack
    rack-test (0.6.3)
      rack (>= 1.0)
    rails (4.2.1)
      actionmailer (= 4.2.1)
      actionpack (= 4.2.1)
      actionview (= 4.2.1)
      activejob (= 4.2.1)
      activemodel (= 4.2.1)
      activerecord (= 4.2.1)
      activesupport (= 4.2.1)
      bundler (>= 1.3.0, < 2.0)
      railties (= 4.2.1)
      sprockets-rails
    rails-deprecated_sanitizer (1.0.3)
      activesupport (>= 4.2.0.alpha)
    rails-dom-testing (1.0.6)
      activesupport (>= 4.2.0.beta, < 5.0)
      nokogiri (~> 1.6.0)
      rails-deprecated_sanitizer (>= 1.0.1)
    rails-erd (1.3.1)
      activerecord (>= 3.2)
      activesupport (>= 3.2)
      choice (~> 0.1.6)
      ruby-graphviz (~> 1.0.4)
    rails-html-sanitizer (1.0.2)
      loofah (~> 2.0)
    railties (4.2.1)
      actionpack (= 4.2.1)
      activesupport (= 4.2.1)
      rake (>= 0.8.7)
      thor (>= 0.18.1, < 2.0)
    rainbow (2.0.0)
    rake (10.4.2)
    ransack (1.6.6)
      actionpack (>= 3.0)
      activerecord (>= 3.0)
      activesupport (>= 3.0)
      i18n
      polyamorous (~> 1.2)
    rb-fsevent (0.9.4)
    rb-inotify (0.9.5)
      ffi (>= 0.5.0)
    rdoc (4.2.0)
      json (~> 1.4)
    redis (3.2.1)
    redis-namespace (1.5.2)
      redis (~> 3.0, >= 3.0.4)
    ref (1.0.5)
    reform (1.2.6)
      activemodel
      disposable (~> 0.0.5)
      representable (~> 2.1.0)
      uber (~> 0.0.11)
    representable (2.1.8)
      multi_json
      nokogiri
      uber (~> 0.0.7)
    responders (2.1.0)
      railties (>= 4.2.0, < 5)
    roo (2.0.0beta1)
      nokogiri (~> 1)
      rubyzip (~> 1.1, < 2.0.0)
    rspec (3.2.0)
      rspec-core (~> 3.2.0)
      rspec-expectations (~> 3.2.0)
      rspec-mocks (~> 3.2.0)
    rspec-core (3.2.3)
      rspec-support (~> 3.2.0)
    rspec-expectations (3.2.1)
      diff-lcs (>= 1.2.0, < 2.0)
      rspec-support (~> 3.2.0)
    rspec-mocks (3.2.1)
      diff-lcs (>= 1.2.0, < 2.0)
      rspec-support (~> 3.2.0)
    rspec-rails (3.2.1)
      actionpack (>= 3.0, < 4.3)
      activesupport (>= 3.0, < 4.3)
      railties (>= 3.0, < 4.3)
      rspec-core (~> 3.2.0)
      rspec-expectations (~> 3.2.0)
      rspec-mocks (~> 3.2.0)
      rspec-support (~> 3.2.0)
    rspec-support (3.2.2)
    rubocop (0.30.1)
      astrolabe (~> 1.3)
      parser (>= 2.2.2.1, < 3.0)
      powerpack (~> 0.1)
      rainbow (>= 1.99.1, < 3.0)
      ruby-progressbar (~> 1.4)
    ruby-graphviz (1.0.9)
    ruby-progressbar (1.7.5)
    rubyzip (1.1.7)
    sass (3.4.13)
    sass-rails (5.0.3)
      railties (>= 4.0.0, < 5.0)
      sass (~> 3.1)
      sprockets (>= 2.8, < 4.0)
      sprockets-rails (>= 2.0, < 4.0)
      tilt (~> 1.1)
    schema_monkey (2.1.0)
      activerecord (~> 4.2)
      its-it
      modware (~> 0.1)
    schema_plus (2.0.0.pre12)
      activerecord (~> 4.2)
      schema_monkey (~> 2.1)
      schema_plus_columns (~> 0.1)
      schema_plus_core (~> 0.2)
      schema_plus_db_default (~> 0.1)
      schema_plus_default_expr (~> 0.1)
      schema_plus_enums (~> 0.1)
      schema_plus_indexes (~> 0.1, >= 0.1.3)
      schema_plus_pg_indexes (~> 0.1, >= 0.1.3)
      schema_plus_tables (~> 0.1)
      schema_plus_views (~> 0.1)
      valuable
    schema_plus_columns (0.1.0)
      activerecord (~> 4.2)
      schema_plus_indexes (~> 0.1)
    schema_plus_core (0.3.0)
      activerecord (~> 4.2)
      schema_monkey (~> 2.1)
    schema_plus_db_default (0.1.0)
      activerecord (~> 4.2)
      schema_plus_core (~> 0.2, >= 0.2.1)
    schema_plus_default_expr (0.1.0)
      activerecord (~> 4.2)
      schema_plus_core (~> 0.2, >= 0.2.1)
    schema_plus_enums (0.1.0)
      activerecord (~> 4.2)
      schema_plus_core (~> 0.2, >= 0.2.1)
    schema_plus_indexes (0.1.3)
      activerecord (~> 4.2)
      schema_plus_core (~> 0.1)
    schema_plus_pg_indexes (0.1.4)
      activerecord (~> 4.2)
      schema_plus_indexes (~> 0.1, >= 0.1.3)
    schema_plus_tables (0.1.0)
      activerecord (~> 4.2)
      schema_plus_core (~> 0.2)
    schema_plus_views (0.1.0)
      activerecord (~> 4.2)
      schema_plus_core (~> 0.1)
    sdoc (0.4.1)
      json (~> 1.7, >= 1.7.7)
      rdoc (~> 4.0)
    shellany (0.0.1)
    shoulda-matchers (2.8.0)
      activesupport (>= 3.0.0)
    sidekiq (3.4.1)
      celluloid (~> 0.16.0)
      connection_pool (>= 2.1.1)
      json
      redis (>= 3.0.6)
      redis-namespace (>= 1.3.1)
    simple_form (3.1.0)
      actionpack (~> 4.0)
      activemodel (~> 4.0)
    simplecov (0.10.0)
      docile (~> 1.1.0)
      json (~> 1.8)
      simplecov-html (~> 0.10.0)
    simplecov-html (0.10.0)
    sinatra (1.4.6)
      rack (~> 1.4)
      rack-protection (~> 1.4)
      tilt (>= 1.3, < 3)
    slim (3.0.3)
      temple (~> 0.7.3)
      tilt (>= 1.3.3, < 2.1)
    slop (3.6.0)
    spring (1.3.6)
    spring-commands-rspec (1.0.4)
      spring (>= 0.9.1)
    sprockets (3.0.0)
      rack (~> 1.0)
    sprockets-rails (2.2.4)
      actionpack (>= 3.0)
      activesupport (>= 3.0)
      sprockets (>= 2.8, < 4.0)
    sshkit (1.7.1)
      colorize (>= 0.7.0)
      net-scp (>= 1.1.2)
      net-ssh (>= 2.8.0)
    temple (0.7.5)
    therubyracer (0.12.2)
      libv8 (~> 3.16.14.0)
      ref
    thor (0.19.1)
    thread_safe (0.3.5)
    tilt (1.4.1)
    timers (4.0.1)
      hitimes
    turbolinks (2.5.3)
      coffee-rails
    tzinfo (1.2.2)
      thread_safe (~> 0.1)
    uber (0.0.13)
    uglifier (2.7.1)
      execjs (>= 0.3.0)
      json (>= 1.8.0)
    uniform_notifier (1.8.0)
    valuable (0.9.9)
    warden (1.2.3)
      rack (>= 1.0)
    xpath (2.0.0)
      nokogiri (~> 1.3)

PLATFORMS
  ruby

DEPENDENCIES
  aasm (~> 4.1.0)
  active_model_serializers (~> 0.9.3)
  activerecord-import (~> 0.8.0)
  annotate (~> 2.6.8)
  aws-sdk (~> 2)
  aws-sdk-v1
  better_errors (~> 2.1.1)
  binding_of_caller (~> 0.7.2)
  bourbon (~> 4.2.2)
  bullet (~> 4.14.4)
  byebug (~> 4.0.5)
  capistrano
  capistrano-bundler (~> 1.1.2)
  capistrano-rails (~> 1.1.3)
  capistrano-rbenv (~> 2.0.3)
  capybara (= 2.4.4)
  dalli (~> 2.7.4)
  database_cleaner (~> 1.4.1)
  devise (~> 3.4.1)
  devise-i18n (~> 0.12.0)
  factory_girl_rails (~> 4.5.0)
  faker (~> 1.4.3)
  flag_shih_tzu (~> 0.3.13)
  font-awesome-rails (~> 4.3.0.0)
  friendly_id (~> 5.1.0)
  gretel (~> 3.0.8)
  guard-rspec (~> 4.5.0)
  hirb (~> 0.7.3)
  iban-tools (~> 1.0.0)
  jbuilder (~> 2.2.13)
  jquery-rails (~> 4.0.3)
  kaminari (~> 0.16.3)
  meta_request (~> 0.3.4)
  metamagic (~> 3.1.7)
  neat (~> 1.7.2)
  newrelic_rpm (~> 3.12.0.288)
  nilify_blanks (~> 1.2.1)
  paperclip (~> 4.2.2)
  paranoia (~> 2.0)
  pg (~> 0.18.1)
  pry-rails (~> 0.3.4)
  quiet_assets (~> 1.1.0)
  rack-cors
  rails (= 4.2.1)
  rails-erd (~> 1.3.1)
  ransack (~> 1.6.6)
  rb-fsevent
  reform (~> 1.2.6)
  roo (~> 2.0.0beta1)
  rspec-rails (~> 3.2.1)
  rubocop (~> 0.30.1)
  sass-rails (~> 5.0.3)
  schema_plus (~> 2.0.0.pre12)
  sdoc (~> 0.4.1)
  shoulda-matchers (~> 2.8.0)
  sidekiq (~> 3.4.1)
  simple_form (~> 3.1.0)
  simplecov (~> 0.10.0)
  sinatra
  slim (~> 3.0.3)
  spring (~> 1.3.5)
  spring-commands-rspec (~> 1.0.4)
  therubyracer (~> 0.12.2)
  turbolinks (~> 2.5.3)
  uglifier (~> 2.7.1)
